GEM
  remote: http://gems.wmci.com/
  remote: http://rubygems.org/
  specs:
    addressable (2.3.2)
    async-rack (0.5.1)
      rack (~> 1.1)
    cookiejar (0.3.0)
    em-http-request (1.0.3)
      addressable (>= 2.2.3)
      cookiejar
      em-socksify
      eventmachine (>= 1.0.0.beta.4)
      http_parser.rb (>= 0.5.3)
    em-socksify (0.2.1)
      eventmachine (>= 1.0.0.beta.4)
    em-synchrony (1.0.2)
      eventmachine (>= 1.0.0.beta.1)
    em-websocket (0.3.8)
      addressable (>= 2.1.1)
      eventmachine (>= 0.12.9)
    eventmachine (1.0.0.rc.4)
    ffi (1.1.5)
    goliath (1.0.0)
      async-rack
      em-synchrony (>= 1.0.0)
      em-websocket
      eventmachine (>= 1.0.0.beta.4)
      http_parser.rb (= 0.5.3)
      log4r
      multi_json
      rack (>= 1.2.2)
      rack-contrib
      rack-respond_to
    goliath-reverse-proxy (0.2.1)
      em-http-request (~> 1.0.3)
      em-synchrony
      goliath
    gssapi (1.1.1)
      ffi (>= 1.0.1)
    http_parser.rb (0.5.3)
    log4r (1.1.10)
    multi_json (1.3.6)
    rack (1.4.1)
    rack-accept-media-types (0.9)
    rack-auth-krb (0.0.9)
      gssapi
      rack
      rkerberos
    rack-contrib (1.1.0)
      rack (>= 0.9.1)
    rack-respond_to (0.9.8)
      rack-accept-media-types (>= 0.6)
    rake (0.9.2.2)
    rake-compiler (0.8.1)
      rake
    rkerberos (0.1.0)
      rake-compiler

PLATFORMS
  ruby

DEPENDENCIES
  goliath
  goliath-reverse-proxy (>= 0.2.0)
  rack-auth-krb (>= 0.0.5)
